GEM
  remote: http://rubygems.org/
  specs:
    builder (3.0.0)
    jwt (0.1.5)
      multi_json (>= 1.0)
    multi_json (1.3.6)
    pusher (0.9.4)
      multi_json (~> 1.0)
      signature (~> 0.1.2)
    rack (1.6.11)
    rack-protection (1.2.0)
      rack
    signature (0.1.3)
    sinatra (1.3.2)
      rack (~> 1.3, >= 1.3.6)
      rack-protection (~> 1.2)
      tilt (~> 1.3, >= 1.3.3)
    tilt (1.3.3)
    twilio-ruby (3.7.1)
      builder (>= 2.1.2)
      jwt (>= 0.1.2)
      multi_json (>= 1.3.0)

PLATFORMS
  ruby

DEPENDENCIES
  pusher
  sinatra
  twilio-ruby
