GEM
  remote: http://rubygems.org/
  specs:
    builder (3.0.0)
    jwt (0.1.5)
      multi_json (>= 1.0)
    multi_json (1.3.6)
    mustermann (2.0.2)
      ruby2_keywords (~> 0.0.1)
    pusher (0.9.4)
      multi_json (~> 1.0)
      signature (~> 0.1.2)
    rack (2.2.4)
    rack-protection (2.2.3)
      rack
    ruby2_keywords (0.0.5)
    signature (0.1.3)
    sinatra (2.2.3)
      mustermann (~> 2.0)
      rack (~> 2.2)
      rack-protection (= 2.2.3)
      tilt (~> 2.0)
    tilt (2.0.11)
    twilio-ruby (3.7.1)
      builder (>= 2.1.2)
      jwt (>= 0.1.2)
      multi_json (>= 1.3.0)

PLATFORMS
  ruby

DEPENDENCIES
  pusher
  sinatra
  twilio-ruby
